GEM
  remote: https://rubygems.org/
  specs:
    ast (2.4.2)
    backport (1.2.0)
    benchmark (0.2.0)
    byebug (11.1.3)
    coderay (1.1.3)
    diff-lcs (1.5.0)
    e2mmap (0.1.0)
    ffi (1.15.5)
    formatador (1.1.0)
    guard (2.18.0)
      formatador (>= 0.2.4)
      listen (>= 2.7, < 4.0)
      lumberjack (>= 1.0.12, < 2.0)
      nenv (~> 0.1)
      notiffany (~> 0.0)
      pry (>= 0.13.0)
      shellany (~> 0.0)
      thor (>= 0.18.1)
    guard-compat (1.2.1)
    guard-rspec (4.7.3)
      guard (~> 2.1)
      guard-compat (~> 1.1)
      rspec (>= 2.99.0, < 4.0)
    haml (6.0.8)
      temple (>= 0.8.2)
      thor
      tilt
    jaro_winkler (1.5.4)
    json (2.6.2)
    kramdown (2.4.0)
      rexml
    kramdown-parser-gfm (1.1.0)
      kramdown (~> 2.0)
    listen (3.7.1)
      rb-fsevent (~> 0.10, >= 0.10.3)
      rb-inotify (~> 0.9, >= 0.9.10)
    lumberjack (1.2.8)
    method_source (1.0.0)
    nenv (0.3.0)
    netrc (0.11.0)
    nokogiri (1.13.9-arm64-darwin)
      racc (~> 1.4)
    notiffany (0.1.3)
      nenv (~> 0.1)
      shellany (~> 0.0)
    parallel (1.22.1)
    parser (3.1.2.1)
      ast (~> 2.4.1)
    prettier (3.2.2)
      syntax_tree (>= 2.7.1)
      syntax_tree-haml (>= 1.1.0)
      syntax_tree-rbs (>= 0.2.0)
    prettier_print (1.0.2)
    pry (0.14.1)
      coderay (~> 1.1)
      method_source (~> 1.0)
    racc (1.6.0)
    rainbow (3.1.1)
    rb-fsevent (0.11.2)
    rb-inotify (0.10.1)
      ffi (~> 1.0)
    rbi (0.0.16)
      ast
      parser (>= 2.6.4.0)
      sorbet-runtime (>= 0.5.9204)
      unparser
    rbs (2.7.0)
    regexp_parser (2.6.0)
    reverse_markdown (2.1.1)
      nokogiri
    rexml (3.2.5)
    rspec (3.12.0)
      rspec-core (~> 3.12.0)
      rspec-expectations (~> 3.12.0)
      rspec-mocks (~> 3.12.0)
    rspec-core (3.12.0)
      rspec-support (~> 3.12.0)
    rspec-expectations (3.12.0)
      diff-lcs (>= 1.2.0, < 2.0)
      rspec-support (~> 3.12.0)
    rspec-mocks (3.12.0)
      diff-lcs (>= 1.2.0, < 2.0)
      rspec-support (~> 3.12.0)
    rspec-support (3.12.0)
    rubocop (1.38.0)
      json (~> 2.3)
      parallel (~> 1.10)
      parser (>= 3.1.2.1)
      rainbow (>= 2.2.2, < 4.0)
      regexp_parser (>= 1.8, < 3.0)
      rexml (>= 3.2.5, < 4.0)
      rubocop-ast (>= 1.23.0, < 2.0)
      ruby-progressbar (~> 1.7)
      unicode-display_width (>= 1.4.0, < 3.0)
    rubocop-ast (1.23.0)
      parser (>= 3.1.1.0)
    rubocop-shopify (2.10.1)
      rubocop (~> 1.35)
    rubocop-sorbet (0.6.11)
      rubocop (>= 0.90.0)
    ruby-progressbar (1.11.0)
    shellany (0.0.1)
    solargraph (0.47.2)
      backport (~> 1.2)
      benchmark
      bundler (>= 1.17.2)
      diff-lcs (~> 1.4)
      e2mmap
      jaro_winkler (~> 1.5)
      kramdown (~> 2.3)
      kramdown-parser-gfm (~> 1.1)
      parser (~> 3.0)
      reverse_markdown (>= 1.0.5, < 3)
      rubocop (>= 0.52)
      thor (~> 1.0)
      tilt (~> 2.0)
      yard (~> 0.9, >= 0.9.24)
    sorbet (0.5.10535)
      sorbet-static (= 0.5.10535)
    sorbet-runtime (0.5.10535)
    sorbet-static (0.5.10535-universal-darwin-21)
    sorbet-static-and-runtime (0.5.10535)
      sorbet (= 0.5.10535)
      sorbet-runtime (= 0.5.10535)
    spoom (1.1.12)
      sorbet (>= 0.5.9204)
      sorbet-runtime (>= 0.5.9204)
      thor (>= 0.19.2)
    syntax_tree (4.3.0)
      prettier_print (>= 1.0.2)
    syntax_tree-haml (2.0.0)
      haml (>= 5.2, != 6.0.0)
      prettier_print (>= 1.0.0)
      syntax_tree (>= 4.0.0)
    syntax_tree-rbs (0.5.1)
      prettier_print
      rbs
      syntax_tree (>= 2.0.1)
    tapioca (0.10.2)
      bundler (>= 1.17.3)
      netrc (>= 0.11.0)
      parallel (>= 1.21.0)
      pry (>= 0.12.2)
      rbi (~> 0.0.0, >= 0.0.14)
      sorbet-static-and-runtime (>= 0.5.9204)
      spoom (~> 1.1.0, >= 1.1.11)
      thor (>= 1.2.0)
      yard-sorbet
    temple (0.9.1)
    thor (1.2.1)
    tilt (2.0.11)
    unicode-display_width (2.3.0)
    unparser (0.6.5)
      diff-lcs (~> 1.3)
      parser (>= 3.1.0)
    webrick (1.7.0)
    yard (0.9.28)
      webrick (~> 1.7.0)
    yard-sorbet (0.7.0)
      sorbet-runtime (>= 0.5)
      yard (>= 0.9)

PLATFORMS
  arm64-darwin-21

DEPENDENCIES
  byebug (~> 11.1)
  guard-rspec
  prettier
  rspec (~> 3.0)
  rubocop (~> 1.21)
  rubocop-shopify
  rubocop-sorbet
  solargraph
  sorbet
  sorbet-runtime
  tapioca
  yard-sorbet

BUNDLED WITH
   2.3.24
